GIT
  remote: git://github.com/Hobo/hobo_paperclip.git
  revision: abb4e77b849e78be9f1594b7304b71dc5a76157d
  branch: master
  specs:
    hobo_paperclip (0.0.4)
      hobo
      paperclip

GIT
  remote: git://github.com/Hobo/will_paginate.git
  revision: cc7ef01551b94fe4f607e38929037234dc70bb62
  specs:
    will_paginate (3.0.4.hobo)

GEM
  remote: https://rubygems.org/
  specs:
    actionmailer (3.2.15)
      actionpack (= 3.2.15)
      mail (~> 2.5.4)
    actionpack (3.2.15)
      activemodel (= 3.2.15)
      activesupport (= 3.2.15)
      builder (~> 3.0.0)
      erubis (~> 2.7.0)
      journey (~> 1.0.4)
      rack (~> 1.4.5)
      rack-cache (~> 1.2)
      rack-test (~> 0.6.1)
      sprockets (~> 2.2.1)
    activemodel (3.2.15)
      activesupport (= 3.2.15)
      builder (~> 3.0.0)
    activerecord (3.2.15)
      activemodel (= 3.2.15)
      activesupport (= 3.2.15)
      arel (~> 3.0.2)
      tzinfo (~> 0.3.29)
    activeresource (3.2.15)
      activemodel (= 3.2.15)
      activesupport (= 3.2.15)
    activesupport (3.2.15)
      i18n (~> 0.6, >= 0.6.4)
      multi_json (~> 1.0)
    arel (3.0.3)
    bootstrap-datepicker-rails (1.1.1.10)
      railties (>= 3.0)
    bootstrap-sass (2.3.2.2)
      sass (~> 3.2)
    builder (3.0.4)
    climate_control (0.0.3)
      activesupport (>= 3.0)
    cocaine (0.5.3)
      climate_control (>= 0.0.3, < 1.0)
    coffee-rails (3.2.2)
      coffee-script (>= 2.2.0)
      railties (~> 3.2.0)
    coffee-script (2.2.0)
      coffee-script-source
      execjs
    coffee-script-source (1.6.3)
    dryml (2.0.1)
      actionpack (~> 3.2.0)
      hobo_support (= 2.0.1)
    erubis (2.7.0)
    execjs (2.0.2)
    hike (1.2.3)
    hobo (2.0.1)
      dryml (= 2.0.1)
      hobo_fields (= 2.0.1)
      hobo_support (= 2.0.1)
      will_paginate (~> 3.0.0)
    hobo_bootstrap (2.0.1)
      bootstrap-sass (~> 2.1)
      hobo (~> 2.0.0.pre6)
      hobo_jquery (~> 2.0.0.pre6)
      will_paginate-bootstrap (~> 0.2.1)
    hobo_bootstrap_ui (2.0.1)
      bootstrap-datepicker-rails
      hobo_bootstrap (~> 2.0.0.pre1)
    hobo_fields (2.0.1)
      hobo_support (= 2.0.1)
    hobo_jquery (2.0.1)
      hobo_rapid (= 2.0.1)
      jquery-rails (~> 2.0)
    hobo_jquery_ui (2.0.1)
      hobo (= 2.0.1)
      hobo_jquery (= 2.0.1)
      jquery-ui-themes (~> 0.0.4)
    hobo_rapid (2.0.1)
      hobo (= 2.0.1)
    hobo_support (2.0.1)
      rails (~> 3.2.0)
    httparty (0.12.0)
      json (~> 1.8)
      multi_xml (>= 0.5.2)
    i18n (0.6.9)
    journey (1.0.4)
    jquery-rails (2.3.0)
      railties (>= 3.0, < 5.0)
      thor (>= 0.14, < 2.0)
    jquery-ui-themes (0.0.11)
      httparty
    json (1.8.1)
    mail (2.5.4)
      mime-types (~> 1.16)
      treetop (~> 1.4.8)
    mime-types (1.25.1)
    multi_json (1.8.2)
    multi_xml (0.5.5)
    paperclip (3.5.2)
      activemodel (>= 3.0.0)
      activesupport (>= 3.0.0)
      cocaine (~> 0.5.3)
      mime-types
    polyglot (0.3.3)
    quiet_assets (1.0.2)
      railties (>= 3.1, < 5.0)
    rack (1.4.5)
    rack-cache (1.2)
      rack (>= 0.4)
    rack-ssl (1.3.3)
      rack
    rack-test (0.6.2)
      rack (>= 1.0)
    rails (3.2.15)
      actionmailer (= 3.2.15)
      actionpack (= 3.2.15)
      activerecord (= 3.2.15)
      activeresource (= 3.2.15)
      activesupport (= 3.2.15)
      bundler (~> 1.0)
      railties (= 3.2.15)
    railties (3.2.15)
      actionpack (= 3.2.15)
      activesupport (= 3.2.15)
      rack-ssl (~> 1.3.2)
      rake (>= 0.8.7)
      rdoc (~> 3.4)
      thor (>= 0.14.6, < 2.0)
    rake (10.1.0)
    rdoc (3.12.2)
      json (~> 1.4)
    sass (3.2.12)
    sass-rails (3.2.6)
      railties (~> 3.2.0)
      sass (>= 3.1.10)
      tilt (~> 1.3)
    sprockets (2.2.2)
      hike (~> 1.2)
      multi_json (~> 1.0)
      rack (~> 1.0)
      tilt (~> 1.1, != 1.3.0)
    sqlite3 (1.3.8)
    thor (0.18.1)
    tilt (1.4.1)
    treetop (1.4.15)
      polyglot
      polyglot (>= 0.3.1)
    tzinfo (0.3.38)
    uglifier (2.3.2)
      execjs (>= 0.3.0)
      json (>= 1.8.0)
    will_paginate-bootstrap (0.2.5)
      will_paginate (>= 3.0.3)

PLATFORMS
  ruby

DEPENDENCIES
  coffee-rails (~> 3.2.1)
  hobo (= 2.0.1)
  hobo_bootstrap (= 2.0.1)
  hobo_bootstrap_ui (= 2.0.1)
  hobo_jquery_ui (= 2.0.1)
  hobo_paperclip!
  jquery-rails
  jquery-ui-themes (~> 0.0.4)
  paperclip
  quiet_assets
  rails (= 3.2.15)
  sass-rails (~> 3.2.3)
  sqlite3
  uglifier (>= 1.0.3)
  will_paginate!
